GEM
  specs:
    minitest (5.4.3)
    rake (10.4.2)

PLATFORMS
  ruby

DEPENDENCIES
  minitest
  rake

BUNDLED WITH
   1.12.5
